GEM
  remote: http://rubygems.org/
  specs:
    chunky_png (1.1.0)
    compass (0.11.1)
      chunky_png (~> 1.1)
      fssm (>= 0.2.7)
      sass (~> 3.1)
    daemons (1.1.3)
    erubis (2.7.0)
    eventmachine (0.12.10)
    extlib (0.9.15)
    fssm (0.2.7)
    haml (3.1.1)
    json_pure (1.4.6)
    rack (1.3.0)
    sass (3.1.1)
    sproutcore (1.6.0.rc.2)
      compass (~> 0.11.1)
      erubis (~> 2.6)
      extlib (~> 0.9.15)
      haml (~> 3.1.1)
      json_pure (~> 1.4.6)
      rack (~> 1.2)
      thin (~> 1.2.11)
      thor (~> 0.14.3)
    thin (1.2.11)
      daemons (>= 1.0.9)
      eventmachine (>= 0.12.6)
      rack (>= 1.0.0)
    thor (0.14.6)

PLATFORMS
  ruby

DEPENDENCIES
  chunky_png (= 1.1.0)
  sproutcore (= 1.6.0.rc.2)
